GEM
  remote: https://rubygems.org/
  specs:
    ansi (1.5.0)
    builder (3.2.4)
    coderay (1.1.3)
    method_source (1.0.0)
    minitest (5.20.0)
    minitest-reporters (1.6.1)
      ansi
      builder
      minitest (>= 5.0)
      ruby-progressbar
    pry (0.14.2)
      coderay (~> 1.1)
      method_source (~> 1.0)
    ruby-progressbar (1.13.0)

PLATFORMS
  arm64-darwin-21
  ruby

DEPENDENCIES
  minitest
  minitest-reporters
  pry
  ruby-progressbar

BUNDLED WITH
   2.5.3
